GEM
  remote: https://rubygems.org/
  specs:
    ansi_colors (0.1.3)

PLATFORMS
  ruby

DEPENDENCIES
  ansi_colors
